PATH
  remote: .
  specs:
    rest_framework (0.dev)
      rails (>= 4.0)

GEM
  remote: https://rubygems.org/
  specs:
    actioncable (7.1.3.2)
      actionpack (= 7.1.3.2)
      activesupport (= 7.1.3.2)
      nio4r (~> 2.0)
      websocket-driver (>= 0.6.1)
      zeitwerk (~> 2.6)
    actionmailbox (7.1.3.2)
      actionpack (= 7.1.3.2)
      activejob (= 7.1.3.2)
      activerecord (= 7.1.3.2)
      activestorage (= 7.1.3.2)
      activesupport (= 7.1.3.2)
      mail (>= 2.7.1)
      net-imap
      net-pop
      net-smtp
    actionmailer (7.1.3.2)
      actionpack (= 7.1.3.2)
      actionview (= 7.1.3.2)
      activejob (= 7.1.3.2)
      activesupport (= 7.1.3.2)
      mail (~> 2.5, >= 2.5.4)
      net-imap
      net-pop
      net-smtp
      rails-dom-testing (~> 2.2)
    actionpack (7.1.3.2)
      actionview (= 7.1.3.2)
      activesupport (= 7.1.3.2)
      nokogiri (>= 1.8.5)
      racc
      rack (>= 2.2.4)
      rack-session (>= 1.0.1)
      rack-test (>= 0.6.3)
      rails-dom-testing (~> 2.2)
      rails-html-sanitizer (~> 1.6)
    actiontext (7.1.3.2)
      actionpack (= 7.1.3.2)
      activerecord (= 7.1.3.2)
      activestorage (= 7.1.3.2)
      activesupport (= 7.1.3.2)
      globalid (>= 0.6.0)
      nokogiri (>= 1.8.5)
    actionview (7.1.3.2)
      activesupport (= 7.1.3.2)
      builder (~> 3.1)
      erubi (~> 1.11)
      rails-dom-testing (~> 2.2)
      rails-html-sanitizer (~> 1.6)
    active_model_serializers (0.10.14)
      actionpack (>= 4.1)
      activemodel (>= 4.1)
      case_transform (>= 0.2)
      jsonapi-renderer (>= 0.1.1.beta1, < 0.3)
    activejob (7.1.3.2)
      activesupport (= 7.1.3.2)
      globalid (>= 0.3.6)
    activemodel (7.1.3.2)
      activesupport (= 7.1.3.2)
    activerecord (7.1.3.2)
      activemodel (= 7.1.3.2)
      activesupport (= 7.1.3.2)
      timeout (>= 0.4.0)
    activestorage (7.1.3.2)
      actionpack (= 7.1.3.2)
      activejob (= 7.1.3.2)
      activerecord (= 7.1.3.2)
      activesupport (= 7.1.3.2)
      marcel (~> 1.0)
    activesupport (7.1.3.2)
      base64
      bigdecimal
      concurrent-ruby (~> 1.0, >= 1.0.2)
      connection_pool (>= 2.2.5)
      drb
      i18n (>= 1.6, < 2)
      minitest (>= 5.1)
      mutex_m
      tzinfo (~> 2.0)
    ast (2.4.2)
    base64 (0.2.0)
    bcrypt_pbkdf (1.1.0)
    better_errors (2.9.1)
      coderay (>= 1.0.0)
      erubi (>= 1.0.0)
      rack (>= 0.9.0)
    bigdecimal (3.1.7)
    bindex (0.8.1)
    binding_of_caller (1.0.1)
      debug_inspector (>= 1.2.0)
    builder (3.2.4)
    bullet (7.1.6)
      activesupport (>= 3.0.0)
      uniform_notifier (~> 1.11)
    byebug (11.1.3)
    case_transform (0.2)
      activesupport
    coderay (1.1.3)
    concurrent-ruby (1.2.3)
    connection_pool (2.4.1)
    crass (1.0.6)
    date (3.3.4)
    debug_inspector (1.2.0)
    docile (1.4.0)
    dotenv (2.8.1)
    drb (2.2.1)
    ed25519 (1.3.0)
    erubi (1.12.0)
    et-orbi (1.2.9)
      tzinfo
    foreman (0.87.2)
    fugit (1.9.0)
      et-orbi (~> 1, >= 1.2.7)
      raabro (~> 1.4)
    globalid (1.2.1)
      activesupport (>= 6.1)
    httparty (0.21.0)
      mini_mime (>= 1.0.0)
      multi_xml (>= 0.5.2)
    i18n (1.14.4)
      concurrent-ruby (~> 1.0)
    io-console (0.7.2)
    irb (1.12.0)
      rdoc
      reline (>= 0.4.2)
    json (2.7.1)
    jsonapi-renderer (0.2.2)
    kamal (1.3.1)
      activesupport (>= 7.0)
      base64 (~> 0.2)
      bcrypt_pbkdf (~> 1.0)
      concurrent-ruby (~> 1.2)
      dotenv (~> 2.8)
      ed25519 (~> 1.2)
      net-ssh (~> 7.0)
      sshkit (~> 1.21)
      thor (~> 1.2)
      zeitwerk (~> 2.5)
    kramdown (2.4.0)
      rexml
    kramdown-parser-gfm (1.1.0)
      kramdown (~> 2.0)
    language_server-protocol (3.17.0.3)
    loofah (2.22.0)
      crass (~> 1.0.2)
      nokogiri (>= 1.12.0)
    mail (2.8.1)
      mini_mime (>= 0.1.1)
      net-imap
      net-pop
      net-smtp
    marcel (1.0.4)
    method_source (1.0.0)
    mini_mime (1.1.5)
    minitest (5.22.3)
    multi_xml (0.6.0)
    mutex_m (0.2.0)
    net-imap (0.4.10)
      date
      net-protocol
    net-pop (0.1.2)
      net-protocol
    net-protocol (0.2.2)
      timeout
    net-scp (4.0.0)
      net-ssh (>= 2.6.5, < 8.0.0)
    net-sftp (4.0.0)
      net-ssh (>= 5.0.0, < 8.0.0)
    net-smtp (0.4.0.1)
      net-protocol
    net-ssh (7.2.1)
    nio4r (2.7.1)
    nokogiri (1.16.3-arm64-darwin)
      racc (~> 1.4)
    nokogiri (1.16.3-x86_64-darwin)
      racc (~> 1.4)
    nokogiri (1.16.3-x86_64-linux)
      racc (~> 1.4)
    parallel (1.24.0)
    parser (3.3.0.5)
      ast (~> 2.4.1)
      racc
    pry (0.14.2)
      coderay (~> 1.1)
      method_source (~> 1.0)
    pry-rails (0.3.9)
      pry (>= 0.10.4)
    psych (5.1.2)
      stringio
    puma (6.4.2)
      nio4r (~> 2.0)
    raabro (1.4.0)
    racc (1.7.3)
    rack (2.2.9)
    rack-mini-profiler (3.3.1)
      rack (>= 1.2.0)
    rack-session (1.0.2)
      rack (< 3)
    rack-test (2.1.0)
      rack (>= 1.3)
    rackup (1.0.0)
      rack (< 3)
      webrick
    rails (7.1.3.2)
      actioncable (= 7.1.3.2)
      actionmailbox (= 7.1.3.2)
      actionmailer (= 7.1.3.2)
      actionpack (= 7.1.3.2)
      actiontext (= 7.1.3.2)
      actionview (= 7.1.3.2)
      activejob (= 7.1.3.2)
      activemodel (= 7.1.3.2)
      activerecord (= 7.1.3.2)
      activestorage (= 7.1.3.2)
      activesupport (= 7.1.3.2)
      bundler (>= 1.15.0)
      railties (= 7.1.3.2)
    rails-dom-testing (2.2.0)
      activesupport (>= 5.0.0)
      minitest
      nokogiri (>= 1.6)
    rails-html-sanitizer (1.6.0)
      loofah (~> 2.21)
      nokogiri (~> 1.14)
    railties (7.1.3.2)
      actionpack (= 7.1.3.2)
      activesupport (= 7.1.3.2)
      irb
      rackup (>= 1.0.0)
      rake (>= 12.2)
      thor (~> 1.0, >= 1.2.2)
      zeitwerk (~> 2.6)
    rainbow (3.1.1)
    rake (13.1.0)
    ransack (4.1.1)
      activerecord (>= 6.1.5)
      activesupport (>= 6.1.5)
      i18n
    rdoc (6.6.3.1)
      psych (>= 4.0.0)
    regexp_parser (2.9.0)
    reline (0.4.3)
      io-console (~> 0.5)
    rexml (3.2.6)
    rubocop (1.62.1)
      json (~> 2.3)
      language_server-protocol (>= 3.17.0)
      parallel (~> 1.10)
      parser (>= 3.3.0.2)
      rainbow (>= 2.2.2, < 4.0)
      regexp_parser (>= 1.8, < 3.0)
      rexml (>= 3.2.5, < 4.0)
      rubocop-ast (>= 1.31.1, < 2.0)
      ruby-progressbar (~> 1.7)
      unicode-display_width (>= 2.4.0, < 3.0)
    rubocop-ast (1.31.2)
      parser (>= 3.3.0.4)
    rubocop-shopify (2.15.1)
      rubocop (~> 1.51)
    ruby-progressbar (1.13.0)
    sentry-rails (5.17.2)
      railties (>= 5.0)
      sentry-ruby (~> 5.17.2)
    sentry-ruby (5.17.2)
      bigdecimal
      concurrent-ruby (~> 1.0, >= 1.0.2)
    simplecov (0.22.0)
      docile (~> 1.1)
      simplecov-html (~> 0.11)
      simplecov_json_formatter (~> 0.1)
    simplecov-html (0.12.3)
    simplecov-lcov (0.8.0)
    simplecov_json_formatter (0.1.4)
    solid_queue (0.3.0)
      activejob (>= 7.1)
      activerecord (>= 7.1)
      concurrent-ruby (~> 1.2.2)
      fugit (~> 1.9.0)
      railties (>= 7.1)
    sqlite3 (1.7.3-arm64-darwin)
    sqlite3 (1.7.3-x86_64-darwin)
    sqlite3 (1.7.3-x86_64-linux)
    sshkit (1.22.0)
      mutex_m
      net-scp (>= 1.1.2)
      net-sftp (>= 2.1.2)
      net-ssh (>= 2.8.0)
    stackprof (0.2.26)
    stringio (3.1.0)
    thor (1.3.1)
    timeout (0.4.1)
    translate_enum (0.2.0)
      activesupport
    tzinfo (2.0.6)
      concurrent-ruby (~> 1.0)
    unicode-display_width (2.5.0)
    uniform_notifier (1.16.0)
    web-console (4.2.1)
      actionview (>= 6.0.0)
      activemodel (>= 6.0.0)
      bindex (>= 0.4.0)
      railties (>= 6.0.0)
    webrick (1.8.1)
    websocket-driver (0.7.6)
      websocket-extensions (>= 0.1.0)
    websocket-extensions (0.1.5)
    zeitwerk (2.6.13)

PLATFORMS
  arm64-darwin-23
  x86_64-darwin-22
  x86_64-darwin-23
  x86_64-linux

DEPENDENCIES
  active_model_serializers (= 0.10.14)
  better_errors (= 2.9.1)
  binding_of_caller
  bullet
  byebug
  foreman
  httparty
  kamal
  kramdown
  kramdown-parser-gfm
  minitest
  pry-rails
  puma
  rack-mini-profiler
  rails (~> 7.1.3)
  rake
  ransack (>= 4.0)
  rest_framework!
  rubocop-shopify
  sentry-rails
  simplecov
  simplecov-lcov (= 0.8.0)
  solid_queue
  sqlite3 (~> 1.4)
  stackprof
  translate_enum
  web-console

RUBY VERSION
   ruby 3.2.2p53

BUNDLED WITH
   2.4.10
